RESTRICTION: >= net461
NUGET
  remote: https://www.nuget.org/api/v2
    FSharp.Azure.Storage (3.0)
      FSharp.Core (>= 4.1)
      Unquote (>= 4.0)
      WindowsAzure.Storage (>= 9.0)
    FSharp.Core (4.5)
    Microsoft.Azure.KeyVault.Core (2.0.4)
    Microsoft.Extensions.Configuration (2.1)
      Microsoft.Extensions.Configuration.Abstractions (>= 2.1) - restriction: && (>= net461) (>= netstandard2.0)
    Microsoft.Extensions.Configuration.Abstractions (2.1) - restriction: && (>= net461) (>= netstandard2.0)
      Microsoft.Extensions.Primitives (>= 2.1) - restriction: && (>= net461) (>= netstandard2.0)
    Microsoft.Extensions.Primitives (2.1) - restriction: && (>= net461) (>= netstandard2.0)
      System.Memory (>= 4.5) - restriction: && (>= net461) (>= netstandard2.0)
      System.Runtime.CompilerServices.Unsafe (>= 4.5) - restriction: && (>= net461) (>= netstandard2.0)
    Newtonsoft.Json (11.0.2)
    System.Buffers (4.5) - restriction: && (>= net461) (>= netstandard2.0)
    System.Memory (4.5) - restriction: && (>= net461) (>= netstandard2.0)
      System.Buffers (>= 4.4)
      System.Numerics.Vectors (>= 4.4)
      System.Runtime.CompilerServices.Unsafe (>= 4.5)
    System.Numerics.Vectors (4.5) - restriction: && (>= net461) (>= netstandard2.0)
    System.Runtime.CompilerServices.Unsafe (4.5) - restriction: && (>= net461) (>= netstandard2.0)
    Unquote (4.0)
      FSharp.Core (>= 4.2.3) - restriction: && (>= net461) (>= netstandard2.0)
    WindowsAzure.Storage (9.2)
      Microsoft.Azure.KeyVault.Core (>= 1.0)
      Newtonsoft.Json (>= 10.0.2)

GROUP Build
NUGET
  remote: https://www.nuget.org/api/v2
    FAKE (5.0)
